GEM
  remote: https://rubygems.org/
  specs:
    aws-eventstream (1.2.0)
    aws-partitions (1.752.0)
    aws-sdk-core (3.171.0)
      aws-eventstream (~> 1, >= 1.0.2)
      aws-partitions (~> 1, >= 1.651.0)
      aws-sigv4 (~> 1.5)
      jmespath (~> 1, >= 1.6.1)
    aws-sigv4 (1.5.2)
      aws-eventstream (~> 1, >= 1.0.2)
    concurrent-ruby (1.2.2)
    cool.io (1.7.1)
    elastic-transport (8.2.1)
      faraday (< 3)
      multi_json
    elasticsearch (8.7.0)
      elastic-transport (~> 8)
      elasticsearch-api (= 8.7.0)
    elasticsearch-api (8.7.0)
      multi_json
    excon (0.99.0)
    faraday (2.7.4)
      faraday-net_http (>= 2.0, < 3.1)
      ruby2_keywords (>= 0.0.4)
    faraday-excon (2.1.0)
      excon (>= 0.27.4)
      faraday (~> 2.0)
    faraday-net_http (3.0.2)
    faraday_middleware-aws-sigv4 (1.0.1)
      aws-sigv4 (~> 1.0)
      faraday (>= 2.0, < 3)
    fluent-plugin-elasticsearch (5.3.0)
      elasticsearch
      excon
      faraday (>= 2.0.0)
      faraday-excon (>= 2.0.0)
      fluentd (>= 0.14.22)
    fluent-plugin-opensearch (1.1.0)
      aws-sdk-core (~> 3)
      excon
      faraday (>= 2.0.0)
      faraday-excon (>= 2.0.0)
      faraday_middleware-aws-sigv4 (~> 1.0.1)
      fluentd (>= 0.14.22)
      opensearch-ruby
    fluent-plugin-prometheus (2.0.3)
      fluentd (>= 1.9.1, < 2)
      prometheus-client (>= 2.1.0)
    fluentd (1.15.3)
      bundler
      cool.io (>= 1.4.5, < 2.0.0)
      http_parser.rb (>= 0.5.1, < 0.9.0)
      msgpack (>= 1.3.1, < 2.0.0)
      serverengine (>= 2.3.0, < 3.0.0)
      sigdump (~> 0.2.2)
      strptime (>= 0.2.4, < 1.0.0)
      tzinfo (>= 1.0, < 3.0)
      tzinfo-data (~> 1.0)
      webrick (>= 1.4.2, < 1.8.0)
      yajl-ruby (~> 1.0)
    http_parser.rb (0.8.0)
    jmespath (1.6.2)
    msgpack (1.7.0)
    multi_json (1.15.0)
    opensearch-api (2.2.0)
      multi_json
    opensearch-ruby (2.1.0)
      opensearch-api (~> 2.1)
      opensearch-transport (~> 2.0)
    opensearch-transport (2.1.0)
      faraday (>= 1.0, < 3)
      multi_json
    prometheus-client (4.1.0)
    ruby2_keywords (0.0.5)
    serverengine (2.3.2)
      sigdump (~> 0.2.2)
    sigdump (0.2.4)
    strptime (0.2.5)
    tzinfo (2.0.6)
      concurrent-ruby (~> 1.0)
    tzinfo-data (1.2023.3)
      tzinfo (>= 1.0.0)
    webrick (1.7.0)
    yajl-ruby (1.4.3)

PLATFORMS
  x86_64-linux-musl

DEPENDENCIES
  fluent-plugin-elasticsearch (= 5.3.0)
  fluent-plugin-opensearch (= 1.1.0)
  fluent-plugin-prometheus (= 2.0.3)
  fluentd (= 1.15.3)

BUNDLED WITH
   2.4.6
